PATH
  remote: .
  specs:
    simple-compass (0.0.1)
      sass

GEM
  remote: http://rubygems.org/
  specs:
    diff-lcs (1.2.1)
    rspec (2.13.0)
      rspec-core (~> 2.13.0)
      rspec-expectations (~> 2.13.0)
      rspec-mocks (~> 2.13.0)
    rspec-core (2.13.0)
    rspec-expectations (2.13.0)
      diff-lcs (>= 1.1.3, < 2.0)
    rspec-mocks (2.13.0)
    sass (3.2.6)

PLATFORMS
  ruby

DEPENDENCIES
  rspec
  simple-compass!
