PATH
  remote: .
  specs:
    simple-compass (0.0.1)
      sass

GEM
  remote: http://rubygems.org/
  specs:
    sass (3.2.6)

PLATFORMS
  ruby

DEPENDENCIES
  simple-compass!
